GIT
  remote: git://github.com/meineerde/xenapi.git
  revision: c1207050058138e82fd3ef86193fda38bfa7eac2
  branch: feature/adapt_to_my_version
  specs:
    xenapi (0.2.11)

PATH
  remote: .
  specs:
    active_xen (0.0.1)
      activemodel (~> 3.2.0)
      activesupport (~> 3.2.0)
      xenapi

GEM
  remote: http://rubygems.org/
  specs:
    activemodel (3.2.0)
      activesupport (= 3.2.0)
      builder (~> 3.0.0)
    activesupport (3.2.0)
      i18n (~> 0.6)
      multi_json (~> 1.0)
    builder (3.0.0)
    i18n (0.6.0)
    metaclass (0.0.1)
    minitest (2.10.1)
    minitest-matchers (1.1.3)
      minitest (>= 2.5.0)
    mocha (0.10.3)
      metaclass (~> 0.0.1)
    multi_json (1.0.4)
    rake (0.9.2.2)
    valid_attribute (1.2.0)

PLATFORMS
  ruby

DEPENDENCIES
  active_xen!
  bundler (>= 1.0.0)
  minitest (~> 2.10.0)
  minitest-matchers (~> 1.1.3)
  mocha (~> 0.10.3)
  rake
  valid_attribute (~> 1.2.0)
  xenapi!
